GEM
  remote: https://rubygems.org/
  specs:
    adsf (1.1.1)
      rack (>= 1.0.0)
    colored (1.2)
    cri (2.3.0)
      colored (>= 1.2)
    human_name_parser (1.0.1)
    kramdown (1.1.0)
    nanoc (3.6.4)
      cri (~> 2.3)
    rack (1.5.2)

PLATFORMS
  ruby

DEPENDENCIES
  adsf
  human_name_parser
  kramdown
  nanoc
