GEM
  remote: https://rubygems.org/
  specs:
    adsf (1.4.1)
      rack (>= 1.0.0, < 3.0.0)
    colored (1.2)
    cri (2.15.3)
      colored (~> 1.2)
    human_name_parser (1.0.1)
    kramdown (2.1.0)
    nanoc (3.8.0)
      cri (~> 2.3)
    rack (2.2.3)

PLATFORMS
  ruby

DEPENDENCIES
  adsf
  human_name_parser
  kramdown
  nanoc (< 4.0.0)

RUBY VERSION
   ruby 2.5.3p105

BUNDLED WITH
   2.0.1
